GEM
  remote: https://rubygems.org/
  specs:
    sqlite3 (1.7.3-aarch64-linux)

PLATFORMS
  aarch64-linux

DEPENDENCIES
  sqlite3 (~> 1.5)

RUBY VERSION
   ruby 3.1.2p20

BUNDLED WITH
   2.3.7
